NUGET
  remote: http://www.nuget.org/api/v2
    Argu (2.0)
