NUGET
  remote: paket-files/github.com/forki/nupkgtest/source
  specs:
    Argu (1.1.3)
GIT
  remote: https://github.com/forki/nupkgtest.git
  specs:
     (8a3d0e300103d5fb5eb416120831a973333691a2)
      build: build.cmd
      os: windows
     (8a3d0e300103d5fb5eb416120831a973333691a2)
      build: build.sh
      os: mono